PATH
  remote: .
  specs:
    whapps-catalogapi (0.1.0)

GEM
  remote: https://rubygems.org/
  specs:
    minitest (5.8.3)
    rake (10.4.2)

PLATFORMS
  ruby

DEPENDENCIES
  bundler (~> 1.13)
  minitest (~> 5.0)
  rake (~> 10.0)
  whapps-catalogapi!

BUNDLED WITH
   1.13.6
